GEM
  remote: http://rubygems.org/
  specs:
    addressable (2.3.8)
    byebug (3.5.1)
      columnize (~> 0.8)
      debugger-linecache (~> 1.2)
      slop (~> 3.6)
    columnize (0.9.0)
    crack (0.4.2)
      safe_yaml (~> 1.0.0)
    debugger-linecache (1.2.0)
    domain_name (0.5.24)
      unf (>= 0.0.5, < 1.0.0)
    http-cookie (1.0.2)
      domain_name (~> 0.5)
    mime-types (2.6.2)
    netrc (0.10.3)
    rack (1.5.5)
    rack-protection (1.5.3)
      rack
    rest-client (1.8.0)
      http-cookie (>= 1.0.2, < 2.0)
      mime-types (>= 1.16, < 3.0)
      netrc (~> 0.7)
    retries (0.0.5)
    safe_yaml (1.0.4)
    sinatra (1.4.6)
      rack (~> 1.4)
      rack-protection (~> 1.4)
      tilt (>= 1.3, < 3)
    slop (3.6.0)
    tilt (1.4.1)
    unf (0.1.4)
      unf_ext
    unf_ext (0.0.7.1)
    vcr (2.9.3)
    webmock (1.21.0)
      addressable (>= 2.3.6)
      crack (>= 0.3.2)

PLATFORMS
  ruby

DEPENDENCIES
  byebug
  rest-client
  retries
  sinatra
  vcr
  webmock

BUNDLED WITH
   1.10.6
